PATH
  remote: .
  specs:
    cogito (0.1.0)
      cli-ui (~> 2.4)

GEM
  remote: https://rubygems.org/
  specs:
    cli-ui (2.4.0)
    diff-lcs (1.6.2)
    docile (1.4.1)
    rake (13.3.0)
    rspec (3.13.1)
      rspec-core (~> 3.13.0)
      rspec-expectations (~> 3.13.0)
      rspec-mocks (~> 3.13.0)
    rspec-core (3.13.5)
      rspec-support (~> 3.13.0)
    rspec-expectations (3.13.5)
      diff-lcs (>= 1.2.0, < 2.0)
      rspec-support (~> 3.13.0)
    rspec-mocks (3.13.5)
      diff-lcs (>= 1.2.0, < 2.0)
      rspec-support (~> 3.13.0)
    rspec-support (3.13.4)
    simplecov (0.22.0)
      docile (~> 1.1)
      simplecov-html (~> 0.11)
      simplecov_json_formatter (~> 0.1)
    simplecov-html (0.13.2)
    simplecov_json_formatter (0.1.4)

PLATFORMS
  x86_64-darwin-24

DEPENDENCIES
  cogito!
  rake (~> 13.0)
  rspec (~> 3.0)
  simplecov

BUNDLED WITH
   2.4.10
